GEM
  remote: http://rubygems.org/
  specs:
    addressable (2.3.3)
    api_smith (1.2.0)
      hashie (~> 1.0)
      httparty
      net-http-persistent
    backports (2.6.5)
    coderay (1.0.8)
    daemons (1.1.9)
    em-synchrony (1.0.2)
      eventmachine (>= 1.0.0.beta.1)
    eventmachine (1.0.0)
    faraday (0.8.4)
      multipart-post (~> 1.1)
    hashie (1.2.0)
    hiredis (0.4.5)
    httparty (0.10.2)
      multi_json (~> 1.0)
      multi_xml (>= 0.5.2)
    method_source (0.8.1)
    multi_json (1.6.1)
    multi_xml (0.5.3)
    multipart-post (1.1.5)
    net-http-persistent (2.8)
    pry (0.9.10)
      coderay (~> 1.0.5)
      method_source (~> 0.8)
      slop (~> 3.3.1)
    rack (1.4.1)
    rack-protection (1.3.2)
      rack
    rack-test (0.6.2)
      rack (>= 1.0)
    rdf (1.0.3)
      addressable (>= 2.2)
    rdf-virtuoso (0.1.2)
      api_smith (~> 1.2.0)
      httparty (~> 0.10.2)
      rdf (~> 1.0.3)
    redis (3.0.2)
    sinatra (1.3.3)
      rack (~> 1.3, >= 1.3.6)
      rack-protection (~> 1.2)
      tilt (~> 1.3, >= 1.3.3)
    sinatra-contrib (1.3.2)
      backports (>= 2.0)
      eventmachine
      rack-protection
      rack-test
      sinatra (~> 1.3.0)
      tilt (~> 1.3)
    sinatra-reloader (1.0)
      sinatra-contrib
    slop (3.3.3)
    thin (1.5.0)
      daemons (>= 1.0.9)
      eventmachine (>= 0.12.6)
      rack (>= 1.0.0)
    tilt (1.3.3)

PLATFORMS
  ruby

DEPENDENCIES
  em-synchrony
  faraday
  hiredis
  pry
  rack-test
  rdf
  rdf-virtuoso
  redis
  sinatra
  sinatra-reloader
  thin
