GEM
  remote: https://rubygems.org/
  specs:
    addressable (2.3.3)
    api_smith (1.2.0)
      hashie (~> 1.0)
      httparty
      net-http-persistent
    backports (2.6.5)
    blankslate (2.1.2.4)
    builder (3.2.0)
    coderay (1.0.8)
    edn (1.0.0)
      parslet (~> 1.4.0)
    eventmachine (1.0.0)
    eventmachine (1.0.0-java)
    faraday (0.8.4)
      multipart-post (~> 1.1)
    ffi (1.7.0-java)
    hashie (1.2.0)
    httparty (0.10.2)
      multi_json (~> 1.0)
      multi_xml (>= 0.5.2)
    method_source (0.8.1)
    multi_json (1.6.1)
    multi_xml (0.5.3)
    multipart-post (1.1.5)
    net-http-persistent (2.8)
    parslet (1.4.0)
      blankslate (~> 2.0)
    pry (0.9.10)
      coderay (~> 1.0.5)
      method_source (~> 0.8)
      slop (~> 3.3.1)
    pry (0.9.10-java)
      coderay (~> 1.0.5)
      method_source (~> 0.8)
      slop (~> 3.3.1)
      spoon (~> 0.0)
    rack (1.4.1)
    rack-protection (1.3.2)
      rack
    rack-test (0.6.2)
      rack (>= 1.0)
    rake (10.0.4)
    rdf (1.0.3)
      addressable (>= 2.2)
    rdf-virtuoso (0.1.2)
      api_smith (~> 1.2.0)
      httparty (~> 0.10.2)
      rdf (~> 1.0.3)
    redis (3.0.2)
    sinatra (1.3.3)
      rack (~> 1.3, >= 1.3.6)
      rack-protection (~> 1.2)
      tilt (~> 1.3, >= 1.3.3)
    sinatra-contrib (1.3.2)
      backports (>= 2.0)
      eventmachine
      rack-protection
      rack-test
      sinatra (~> 1.3.0)
      tilt (~> 1.3)
    sinatra-reloader (1.0)
      sinatra-contrib
    slop (3.3.3)
    spoon (0.0.3)
      ffi
    thor (0.18.1)
    tilt (1.3.3)
    torquebox (2.3.0)
      thor (>= 0.14.6)
      torquebox-cache (= 2.3.0)
      torquebox-configure (= 2.3.0)
      torquebox-core (= 2.3.0)
      torquebox-messaging (= 2.3.0)
      torquebox-naming (= 2.3.0)
      torquebox-rake-support (= 2.3.0)
      torquebox-security (= 2.3.0)
      torquebox-stomp (= 2.3.0)
      torquebox-transactions (= 2.3.0)
      torquebox-web (= 2.3.0)
    torquebox-cache (2.3.0-java)
      torquebox-core (= 2.3.0)
      torquebox-transactions (= 2.3.0)
    torquebox-configure (2.3.0-java)
      blankslate (= 2.1.2.4)
    torquebox-core (2.3.0-java)
    torquebox-messaging (2.3.0-java)
      edn (= 1.0.0)
      torquebox-core (= 2.3.0)
      torquebox-transactions (= 2.3.0)
    torquebox-naming (2.3.0-java)
    torquebox-rake-support (2.3.0)
      rake (>= 0.8.7)
    torquebox-security (2.3.0-java)
      torquebox-core (= 2.3.0)
    torquebox-server (2.3.0-java)
      torquebox (= 2.3.0)
    torquebox-stomp (2.3.0)
      torquebox-core (= 2.3.0)
      torquebox-messaging (= 2.3.0)
    torquebox-transactions (2.3.0)
      torquebox-core (= 2.3.0)
    torquebox-web (2.3.0-java)

PLATFORMS
  java
  ruby

DEPENDENCIES
  builder
  faraday
  pry
  rack-test
  rdf
  rdf-virtuoso
  redis
  sinatra
  sinatra-reloader
  torquebox-server
